PATH
  remote: .
  specs:
    heel (4.0.1)
      launchy (~> 2.5)
      mime-types (~> 3.4)
      puma (~> 6.0)
      rack (~> 3.0)
      rackup (~> 2.1)
      rouge (~> 4.0)

GEM
  remote: https://rubygems.org/
  specs:
    addressable (2.8.6)
      public_suffix (>= 2.0.2, < 6.0)
    builder (3.2.4)
    docile (1.4.0)
    jar-dependencies (0.4.1)
    launchy (2.5.2)
      addressable (~> 2.8)
    mime-types (3.5.2)
      mime-types-data (~> 3.2015)
    mime-types-data (3.2024.0206)
    minitest (5.22.2)
    minitest-junit (1.1.0)
      builder (~> 3.2)
      minitest (~> 5.11)
    nio4r (2.7.0)
    nio4r (2.7.0-java)
    psych (5.1.2)
      stringio
    psych (5.1.2-java)
      jar-dependencies (>= 0.1.7)
    public_suffix (5.0.4)
    puma (6.4.2)
      nio4r (~> 2.0)
    puma (6.4.2-java)
      nio4r (~> 2.0)
    rack (3.0.9.1)
    rackup (2.1.0)
      rack (>= 3)
      webrick (~> 1.8)
    rake (13.1.0)
    rdoc (6.6.2)
      psych (>= 4.0.0)
    rouge (4.2.0)
    simplecov (0.22.0)
      docile (~> 1.1)
      simplecov-html (~> 0.11)
      simplecov_json_formatter (~> 0.1)
    simplecov-html (0.12.3)
    simplecov_json_formatter (0.1.4)
    stringio (3.1.0)
    webrick (1.8.1)

PLATFORMS
  arm64-darwin-21
  arm64-darwin-22
  java
  x86_64-linux

DEPENDENCIES
  heel!
  minitest (~> 5.15)
  minitest-junit (~> 1.0)
  rake (~> 13.0)
  rdoc (~> 6.5)
  simplecov (~> 0.21)

BUNDLED WITH
   2.5.6
