PATH
  remote: .
  specs:
    heel (4.0.0)
      coderay (~> 1.1)
      launchy (~> 2.5)
      mime-types (~> 3.2)
      puma (~> 6.0)
      rack (~> 3.0)

GEM
  remote: https://rubygems.org/
  specs:
    addressable (2.8.4)
      public_suffix (>= 2.0.2, < 6.0)
    builder (3.2.4)
    coderay (1.1.2)
    docile (1.4.0)
    launchy (2.5.2)
      addressable (~> 2.8)
    mime-types (3.2.2)
      mime-types-data (~> 3.2015)
    mime-types-data (3.2018.0812)
    minitest (5.18.0)
    minitest-junit (1.1.0)
      builder (~> 3.2)
      minitest (~> 5.11)
    nio4r (2.5.9)
    nio4r (2.5.9-java)
    public_suffix (3.0.3)
    puma (6.2.1)
      nio4r (~> 2.0)
    puma (6.2.1-java)
      nio4r (~> 2.0)
    rack (3.0.7)
    rake (13.0.6)
    rdoc (6.0.1)
    simplecov (0.22.0)
      docile (~> 1.1)
      simplecov-html (~> 0.11)
      simplecov_json_formatter (~> 0.1)
    simplecov-html (0.12.3)
    simplecov_json_formatter (0.1.4)

PLATFORMS
  java
  ruby

DEPENDENCIES
  heel!
  minitest (~> 5.15)
  minitest-junit (~> 1.0)
  rake (~> 13.0)
  rdoc (~> 6.0)
  simplecov (~> 0.21)

BUNDLED WITH
   2.4.11
